PATH
  remote: .
  specs:
    concurrent_worker (0.4.12)

GEM
  remote: https://rubygems.org/
  specs:
    minitest (5.11.3)
    rake (12.3.3)

PLATFORMS
  ruby

DEPENDENCIES
  bundler (~> 2.0)
  concurrent_worker!
  minitest (~> 5.0)
  rake (~> 12.3.3)

BUNDLED WITH
   2.1.4
