PATH
  remote: .
  specs:
    concurrent_worker (0.4.9)

GEM
  remote: https://rubygems.org/
  specs:
    minitest (5.11.3)
    rake (13.0.1)

PLATFORMS
  ruby

DEPENDENCIES
  bundler (~> 2.0)
  concurrent_worker!
  minitest (~> 5.0)
  rake (~> 13.0)

BUNDLED WITH
   2.0.1
